GEM
  remote: https://rubygems.org/
  specs:
    plist (3.1.0)
    rake (0.9.6)

PLATFORMS
  ruby

DEPENDENCIES
  plist
  rake
